GEM
  remote: http://rubygems.org/
  specs:
    curb (0.7.15)
    json (1.5.3)

PLATFORMS
  ruby

DEPENDENCIES
  curb
  json
